GEM
  remote: https://rubygems.org/
  specs:
    base64 (0.2.0)
    ffi (1.17.1-arm64-darwin)
    haml (6.3.0)
      temple (>= 0.8.2)
      thor
      tilt
    logger (1.7.0)
    minisky (0.5.0)
      base64 (~> 0.1)
    mustermann (3.0.3)
      ruby2_keywords (~> 0.0.1)
    nio4r (2.7.4)
    puma (6.6.0)
      nio4r (~> 2.0)
    rack (3.1.12)
    rack-protection (4.1.1)
      base64 (>= 0.1.0)
      logger (>= 1.6.0)
      rack (>= 3.0.0, < 4)
    rack-session (2.1.0)
      base64 (>= 0.1.0)
      rack (>= 3.0.0)
    rackup (2.2.1)
      rack (>= 3)
    ruby2_keywords (0.0.5)
    rufus-lua (1.1.5)
      ffi (~> 1.9)
    sinatra (4.1.1)
      logger (>= 1.6.0)
      mustermann (~> 3.0)
      rack (>= 3.0.0, < 4)
      rack-protection (= 4.1.1)
      rack-session (>= 2.0.0, < 3)
      tilt (~> 2.0)
    temple (0.10.3)
    thor (1.3.2)
    tilt (2.6.0)

PLATFORMS
  arm64-darwin-22
  arm64-darwin-23

DEPENDENCIES
  haml
  minisky
  puma (~> 6.6)
  rackup (~> 2.2)
  rufus-lua
  sinatra

BUNDLED WITH
   2.4.10
